GEM
  remote: https://rubygems.org/
  specs:
    acme-client (0.5.5)
      faraday (~> 0.9, >= 0.9.1)
    faraday (0.12.1)
      multipart-post (>= 1.2, < 3)
    json (1.8.3)
    multipart-post (2.0.0)
    puma (3.8.2)
    rack (2.0.3)

PLATFORMS
  ruby

DEPENDENCIES
  acme-client
  json
  puma
  rack

BUNDLED WITH
   1.13.6
