GIT
  remote: https://github.com/mavenlink/bespoked
  revision: 4a5790433fca5b2e75130b0d36ec0df0744a8fd5
  specs:
    bespoked (0.1.0)
      http_parser.rb
      libuv
      rack
      yajl-ruby

GEM
  remote: https://rubygems.org/
  specs:
    concurrent-ruby (1.0.4)
    ffi (1.9.17)
    ffi-compiler (1.0.1)
      ffi (>= 1.0.0)
      rake
    http_parser.rb (0.6.0)
    libuv (3.1.3)
      concurrent-ruby (~> 1.0)
      ffi (~> 1.9)
      ruby-tls (~> 2.1)
    rack (2.0.1)
    rake (12.0.0)
    ruby-tls (2.1.2)
      ffi-compiler (>= 0.0.2)
      thread_safe
    thread_safe (0.3.5)
    yajl-ruby (1.3.0)

PLATFORMS
  ruby

DEPENDENCIES
  bespoked!
  rack

BUNDLED WITH
   1.13.6
